GEM
  remote: http://rubygems.org/
  specs:
    faraday (0.8.1)
      multipart-post (~> 1.1)
    faraday_middleware (0.8.7)
      faraday (>= 0.7.4, < 0.9)
    git (1.2.5)
    hashie (1.2.0)
    jeweler (1.8.3)
      bundler (~> 1.0)
      git (>= 1.2.5)
      rake
      rdoc
    json (1.7.3)
    multi_xml (0.5.1)
    multipart-post (1.1.5)
    rake (0.9.2.2)
    rcov (1.0.0)
    rdoc (3.12)
      json (~> 1.4)
    riot (0.12.5)
      rr
    rr (1.0.4)

PLATFORMS
  ruby

DEPENDENCIES
  bundler (~> 1.0.0)
  faraday
  faraday_middleware
  hashie
  jeweler (~> 1.8.3)
  multi_xml
  rcov
  rdoc (~> 3.12)
  riot
